GIT
  remote: https://github.com/puma/puma.git
  revision: 7af141b97fdfdc604481fde84f12134bb9138d20
  specs:
    puma (1.3.0)
      rack (~> 1.2)

GIT
  remote: https://github.com/redis/redis-rb.git
  revision: 6df8a907331ed35ae03a79070f22f60936853eaf
  specs:
    redis (3.0.0.rc2)

GEM
  remote: http://rubygems.org/
  specs:
    activesupport (3.2.3)
      i18n (~> 0.6)
      multi_json (~> 1.0)
    ansi (1.4.2)
    builder (3.0.0)
    cache (0.3.3)
      activesupport (>= 2.3.11)
      i18n
    i18n (0.6.0)
    lock_method (0.5.5)
      activesupport
      cache (>= 0.2.1)
    minitest (2.12.1)
    minitest-reporters (0.7.0)
      ansi
      builder
      minitest (~> 2.0)
      ruby-progressbar
    multi_json (1.3.5)
    rack (1.4.1)
    rack-protection (1.2.0)
      rack
    ruby-progressbar (0.0.10)
    sinatra (1.3.2)
      rack (~> 1.3, >= 1.3.6)
      rack-protection (~> 1.2)
      tilt (~> 1.3, >= 1.3.3)
    tilt (1.3.3)

PLATFORMS
  ruby

DEPENDENCIES
  lock_method
  minitest
  minitest-reporters
  puma!
  redis!
  sinatra
